GEM
  remote: https://rubygems.org/
  specs:
    actionmailer (3.2.13)
      actionpack (= 3.2.13)
      mail (~> 2.5.3)
    actionpack (3.2.13)
      activemodel (= 3.2.13)
      activesupport (= 3.2.13)
      builder (~> 3.0.0)
      erubis (~> 2.7.0)
      journey (~> 1.0.4)
      rack (~> 1.4.5)
      rack-cache (~> 1.2)
      rack-test (~> 0.6.1)
      sprockets (~> 2.2.1)
    activemodel (3.2.13)
      activesupport (= 3.2.13)
      builder (~> 3.0.0)
    activerecord (3.2.13)
      activemodel (= 3.2.13)
      activesupport (= 3.2.13)
      arel (~> 3.0.2)
      tzinfo (~> 0.3.29)
    activeresource (3.2.13)
      activemodel (= 3.2.13)
      activesupport (= 3.2.13)
    activesupport (3.2.13)
      i18n (= 0.6.1)
      multi_json (~> 1.0)
    acts-as-taggable-on (2.3.3)
      rails (~> 3.0)
    arel (3.0.2)
    bcrypt-ruby (3.0.1)
    better_errors (0.8.0)
      coderay (>= 1.0.0)
      erubis (>= 2.6.6)
    bootstrap-sass (2.3.1.0)
      sass (~> 3.2)
    bootswatch-rails (0.4.0)
      railties (>= 3.1)
    builder (3.0.4)
    capybara (2.1.0)
      mime-types (>= 1.16)
      nokogiri (>= 1.3.3)
      rack (>= 1.0.0)
      rack-test (>= 0.5.4)
      xpath (~> 2.0)
    capybara-webkit (0.14.2)
      capybara (~> 2.0, >= 2.0.2)
      json
    coderay (1.0.9)
    coffee-rails (3.2.2)
      coffee-script (>= 2.2.0)
      railties (~> 3.2.0)
    coffee-script (2.2.0)
      coffee-script-source
      execjs
    coffee-script-source (1.6.2)
    database_cleaner (0.9.1)
    em-websocket (0.5.0)
      eventmachine (>= 0.12.9)
      http_parser.rb (~> 0.5.3)
    erubis (2.7.0)
    eventmachine (1.0.3)
    execjs (1.4.0)
      multi_json (~> 1.0)
    factory_girl (4.2.0)
      activesupport (>= 3.0.0)
    factory_girl_rails (4.2.1)
      factory_girl (~> 4.2.0)
      railties (>= 3.0.0)
    faraday (0.8.7)
      multipart-post (~> 1.1)
    ffi (1.7.0)
    font-awesome-rails (3.0.2.0)
      railties (>= 3.1)
    formatador (0.2.4)
    gravatar_image_tag (1.1.3)
    guard (1.7.0)
      formatador (>= 0.2.4)
      listen (>= 0.6.0)
      lumberjack (>= 1.0.2)
      pry (>= 0.9.10)
      thor (>= 0.14.6)
    guard-livereload (1.1.3)
      em-websocket (>= 0.2.0)
      guard (>= 1.5.0)
      multi_json (~> 1.0)
    guard-test (0.8.0)
      guard (>= 1.1)
      test-unit (~> 2.2)
    haml (4.0.2)
      tilt
    haml-rails (0.4)
      actionpack (>= 3.1, < 4.1)
      activesupport (>= 3.1, < 4.1)
      haml (>= 3.1, < 4.1)
      railties (>= 3.1, < 4.1)
    hike (1.2.2)
    http_parser.rb (0.5.3)
    httpauth (0.2.0)
    i18n (0.6.1)
    journey (1.0.4)
    jquery-rails (2.2.1)
      railties (>= 3.0, < 5.0)
      thor (>= 0.14, < 2.0)
    json (1.7.7)
    jwt (0.1.8)
      multi_json (>= 1.5)
    listen (0.7.3)
    lumberjack (1.0.3)
    mail (2.5.3)
      i18n (>= 0.4.0)
      mime-types (~> 1.16)
      treetop (~> 1.4.8)
    method_source (0.8.1)
    mime-types (1.22)
    multi_json (1.7.2)
    multipart-post (1.2.0)
    nokogiri (1.5.9)
    oauth (0.4.7)
    oauth2 (0.8.1)
      faraday (~> 0.8)
      httpauth (~> 0.1)
      jwt (~> 0.1.4)
      multi_json (~> 1.0)
      rack (~> 1.2)
    pg (0.15.1)
    polyglot (0.3.3)
    pry (0.9.12)
      coderay (~> 1.0.5)
      method_source (~> 0.8)
      slop (~> 3.4)
    pry-rails (0.2.2)
      pry (>= 0.9.10)
    rack (1.4.5)
    rack-cache (1.2)
      rack (>= 0.4)
    rack-ssl (1.3.3)
      rack
    rack-test (0.6.2)
      rack (>= 1.0)
    rails (3.2.13)
      actionmailer (= 3.2.13)
      actionpack (= 3.2.13)
      activerecord (= 3.2.13)
      activeresource (= 3.2.13)
      activesupport (= 3.2.13)
      bundler (~> 1.0)
      railties (= 3.2.13)
    railties (3.2.13)
      actionpack (= 3.2.13)
      activesupport (= 3.2.13)
      rack-ssl (~> 1.3.2)
      rake (>= 0.8.7)
      rdoc (~> 3.4)
      thor (>= 0.14.6, < 2.0)
    rake (10.0.4)
    rb-inotify (0.9.0)
      ffi (>= 0.5.0)
    rdoc (3.12.2)
      json (~> 1.4)
    sass (3.2.7)
    sass-rails (3.2.6)
      railties (~> 3.2.0)
      sass (>= 3.1.10)
      tilt (~> 1.3)
    simple_form (2.1.0)
      actionpack (~> 3.0)
      activemodel (~> 3.0)
    slop (3.4.4)
    sorcery (0.8.1)
      bcrypt-ruby (~> 3.0.0)
      oauth (~> 0.4.4)
      oauth2 (~> 0.8.0)
    sprockets (2.2.2)
      hike (~> 1.2)
      multi_json (~> 1.0)
      rack (~> 1.0)
      tilt (~> 1.1, != 1.3.0)
    test-unit (2.5.4)
    thor (0.18.1)
    tilt (1.3.7)
    treetop (1.4.12)
      polyglot
      polyglot (>= 0.3.1)
    tzinfo (0.3.37)
    uglifier (2.0.1)
      execjs (>= 0.3.0)
      multi_json (~> 1.0, >= 1.0.2)
    xpath (2.0.0)
      nokogiri (~> 1.3)

PLATFORMS
  ruby

DEPENDENCIES
  acts-as-taggable-on
  better_errors
  bootstrap-sass
  bootswatch-rails
  capybara
  capybara-webkit
  coffee-rails (~> 3.2.1)
  database_cleaner
  factory_girl_rails
  font-awesome-rails
  gravatar_image_tag
  guard-livereload
  guard-test
  haml
  haml-rails
  jquery-rails
  pg
  pry-rails
  rails (= 3.2.13)
  rb-inotify
  sass-rails (~> 3.2.3)
  simple_form
  sorcery
  uglifier (>= 1.0.3)
